GIT
  remote: git://github.com/rails/journey.git
  revision: dae7947ce464fa4cad6f05301bb1b6d5ebe8af8e
  specs:
    journey (2.0.0.20120723141804)

GIT
  remote: git://github.com/rails/rails.git
  revision: 9f2d1a146c3883c2ea9d16d4fa5a7ad65ca55db8
  specs:
    actionpack (4.0.0.beta)
      activesupport (= 4.0.0.beta)
      builder (~> 3.1.0)
      erubis (~> 2.7.0)
      journey (~> 2.0.0)
      rack (~> 1.4.1)
      rack-cache (~> 1.2)
      rack-test (~> 0.6.1)
    activemodel (4.0.0.beta)
      activesupport (= 4.0.0.beta)
      builder (~> 3.1.0)
    activesupport (4.0.0.beta)
      i18n (~> 0.6)
      minitest (~> 3.2)
      multi_json (~> 1.3)
      tzinfo (~> 0.3.33)
    railties (4.0.0.beta)
      actionpack (= 4.0.0.beta)
      activesupport (= 4.0.0.beta)
      rake (>= 0.8.7)
      rdoc (~> 3.4)
      thor (>= 0.15.4, < 2.0)

PATH
  remote: .
  specs:
    simple_form (2.1.0.dev)
      actionpack (>= 3.0)
      activemodel (>= 3.0)

GEM
  remote: http://rubygems.org/
  specs:
    builder (3.1.3)
    country_select (1.0.1)
    erubis (2.7.0)
    i18n (0.6.1)
    json (1.7.5)
    metaclass (0.0.1)
    minitest (3.4.0)
    mocha (0.12.4)
      metaclass (~> 0.0.1)
    multi_json (1.3.6)
    rack (1.4.1)
    rack-cache (1.2)
      rack (>= 0.4)
    rack-test (0.6.1)
      rack (>= 1.0)
    rake (0.9.2.2)
    rdoc (3.12)
      json (~> 1.4)
    thor (0.16.0)
    tzinfo (0.3.33)

PLATFORMS
  ruby

DEPENDENCIES
  actionpack!
  activemodel!
  country_select
  journey!
  mocha
  railties!
  rake
  rdoc
  simple_form!
  tzinfo
